GEM
  remote: https://rubygems.org/
  specs:
    kgio (2.11.3)
    rack (1.6.13)
    rack-protection (1.5.5)
      rack
    raindrops (0.19.1)
    sinatra (1.4.8)
      rack (~> 1.5)
      rack-protection (~> 1.4)
      tilt (>= 1.3, < 3)
    tilt (2.0.10)
    unicorn (5.5.3)
      kgio (~> 2.6)
      raindrops (~> 0.7)

PLATFORMS
  ruby

DEPENDENCIES
  sinatra
  unicorn

BUNDLED WITH
   2.1.4
